PATH
  remote: .
  specs:
    Rephrase (0.1)

GEM
  remote: https://rubygems.org/
  specs:
    minitest (5.11.3)
    rake (13.0.6)

PLATFORMS
  ruby

DEPENDENCIES
  Rephrase!
  minitest (= 5.11.3)
  rake (>= 12.0)

BUNDLED WITH
   2.1.4
