PATH
  remote: .
  specs:
    rephrase (0.3)

GEM
  remote: https://rubygems.org/
  specs:
    kramdown (2.3.1)
      rexml
    minitest (5.11.3)
    rake (12.3.2)
    rexml (3.2.5)
    yard (0.9.26)

PLATFORMS
  ruby

DEPENDENCIES
  kramdown
  minitest (= 5.11.3)
  rake (~> 12.0)
  rephrase!
  yard

BUNDLED WITH
   2.1.4
