PATH
  remote: .
  specs:
    rephrase (0.1)

GEM
  remote: https://rubygems.org/
  specs:
    minitest (5.11.3)
    rake (12.3.2)

PLATFORMS
  ruby

DEPENDENCIES
  minitest (= 5.11.3)
  rake (~> 12.0)
  rephrase!

BUNDLED WITH
   2.1.4
